GEM
  remote: https://rubygems.org/
  specs:
    diff-lcs (1.5.0)
    redis (4.6.0)
    rspec (3.11.0)
      rspec-core (~> 3.11.0)
      rspec-expectations (~> 3.11.0)
      rspec-mocks (~> 3.11.0)
    rspec-core (3.11.0)
      rspec-support (~> 3.11.0)
    rspec-expectations (3.11.0)
      diff-lcs (>= 1.2.0, < 2.0)
      rspec-support (~> 3.11.0)
    rspec-mocks (3.11.1)
      diff-lcs (>= 1.2.0, < 2.0)
      rspec-support (~> 3.11.0)
    rspec-support (3.11.0)
    timecop (0.9.5)

PLATFORMS
  x86_64-linux

DEPENDENCIES
  redis
  rspec
  timecop

BUNDLED WITH
   2.2.33
